GEM
  remote: http://rubygems.org/
  specs:
    amq-protocol (2.3.2)
    bunny (2.19.0)
      amq-protocol (~> 2.3, >= 2.3.1)
      sorted_set (~> 1, >= 1.0.2)
    coderay (1.1.3)
    json (2.6.1)
    method_source (1.0.0)
    pry (0.14.1)
      coderay (~> 1.1)
      method_source (~> 1.0)
    pry-nav (1.0.0)
      pry (>= 0.9.10, < 0.15)
    rapids_rivers (0.2.16)
    rbtree (0.4.5)
    set (1.0.2)
    sorted_set (1.0.3)
      rbtree
      set (~> 1.0)

PLATFORMS
  x64-mingw-ucrt

DEPENDENCIES
  bunny (>= 2.6.4)
  json (>= 2.0.3)
  pry
  pry-nav
  rapids_rivers (>= 0.2.14)

BUNDLED WITH
   2.3.7
