GEM
  specs:
    amq-protocol (2.1.0)
    bunny (2.6.4)
      amq-protocol (>= 2.0.1)
    json (2.6.1)

PLATFORMS
  ruby

DEPENDENCIES
  bunny (>= 2.6.4)
  json (>= 2.0.3)

BUNDLED WITH
   1.16.1
